GEM
  remote: http://rubygems.org/
  specs:
    awesome_print (0.3.2)
    diff-lcs (1.1.2)
    newrelic_rpm (3.5.3.24)
    rack (1.2.2)
    rack-test (0.5.7)
      rack (>= 1.0)
    rspec (2.4.0)
      rspec-core (~> 2.4.0)
      rspec-expectations (~> 2.4.0)
      rspec-mocks (~> 2.4.0)
    rspec-core (2.4.0)
    rspec-expectations (2.4.0)
      diff-lcs (~> 1.1.2)
    rspec-mocks (2.4.0)
    shotgun (0.9)
      rack (>= 1.0)
    sinatra (1.2.1)
      rack (~> 1.1)
      tilt (>= 1.2.2, < 2.0)
    tilt (1.2.2)

PLATFORMS
  ruby

DEPENDENCIES
  awesome_print
  newrelic_rpm
  rack-test
  rspec (= 2.4.0)
  shotgun
  sinatra
